GEM
  remote: https://rubygems.org/
  specs:
    ansi (1.5.0)
    builder (3.2.4)
    minitest (5.22.3)
    minitest-reporters (1.6.1)
      ansi
      builder
      minitest (>= 5.0)
      ruby-progressbar
    rake (13.2.1)
    ruby-progressbar (1.13.0)

PLATFORMS
  ruby
  x86_64-linux

DEPENDENCIES
  minitest
  minitest-reporters
  rake

RUBY VERSION
   ruby 3.2.0p0

BUNDLED WITH
   2.5.5
